GEM
  remote: https://rubygems.org/
  specs:
    byebug (9.1.0)
    coderay (1.1.2)
    debugger-ruby_core_source (1.3.8)
    dotenv (2.2.1)
    method_source (0.9.0)
    oj (3.3.9)
    oj_mimic_json (1.0.1)
    pry (0.11.3)
      coderay (~> 1.1.0)
      method_source (~> 0.9.0)
    pry-byebug (3.5.1)
      byebug (~> 9.1)
      pry (~> 0.10)
    puma (3.11.0)
    rack (1.6.8)
    rack-contrib (1.8.0)
      rack (~> 1.4)
    rack-lineprof (0.0.3)
      rack (~> 1.5)
      rblineprof (~> 0.3.6)
      term-ansicolor (~> 1.3)
    rack-ltsv_logger (0.1.0)
      rack
    rack-protection (1.5.3)
      rack
    rack-test (0.8.2)
      rack (>= 1.0, < 3)
    racksh (1.0.0)
      rack (>= 1.0)
      rack-test (>= 0.5)
    rblineprof (0.3.7)
      debugger-ruby_core_source (~> 1.3)
    redis (4.0.1)
    sinatra (1.4.8)
      rack (~> 1.5)
      rack-protection (~> 1.4)
      tilt (>= 1.3, < 3)
    term-ansicolor (1.6.0)
      tins (~> 1.0)
    tilt (2.0.8)
    tins (1.16.3)

PLATFORMS
  ruby

DEPENDENCIES
  dotenv
  oj
  oj_mimic_json
  pry
  pry-byebug
  puma
  rack-contrib
  rack-lineprof
  rack-ltsv_logger
  racksh
  redis
  sinatra

BUNDLED WITH
   1.16.0
